PATH
  remote: .
  specs:
    google_movies (0.0.4)

GEM
  remote: https://rubygems.org/
  specs:
    addressable (2.3.8)
    crack (0.4.2)
      safe_yaml (~> 1.0.0)
    diff-lcs (1.2.5)
    mini_portile (0.6.2)
    nokogiri (1.6.6.2)
      mini_portile (~> 0.6.0)
    rake (10.4.2)
    rspec (3.3.0)
      rspec-core (~> 3.3.0)
      rspec-expectations (~> 3.3.0)
      rspec-mocks (~> 3.3.0)
    rspec-core (3.3.2)
      rspec-support (~> 3.3.0)
    rspec-expectations (3.3.1)
      diff-lcs (>= 1.2.0, < 2.0)
      rspec-support (~> 3.3.0)
    rspec-mocks (3.3.2)
      diff-lcs (>= 1.2.0, < 2.0)
      rspec-support (~> 3.3.0)
    rspec-support (3.3.0)
    safe_yaml (1.0.4)
    vcr (3.0.0)
    webmock (1.8.0)
      addressable (>= 2.2.7)
      crack (>= 0.1.7)

PLATFORMS
  ruby

DEPENDENCIES
  bundler (~> 1.3)
  google_movies!
  nokogiri
  rake
  rspec
  vcr
  webmock (= 1.8.0)

BUNDLED WITH
   1.10.6
